GEM
  remote: https://rubygems.org/
  specs:
    ethon (0.9.0)
      ffi (>= 1.3.0)
    ffi (1.9.14)
    ravelry (0.1.0)
      typhoeus (~> 0.8)
    typhoeus (0.8.0)
      ethon (>= 0.8.0)

PLATFORMS
  ruby

DEPENDENCIES
  ravelry

BUNDLED WITH
   1.12.3
